GEM
  remote: https://rubygems.org/
  specs:
    addressable (2.5.2)
      public_suffix (>= 2.0.2, < 4.0)
    bibmarkdown (2.0.0)
      citeproc-ruby
      csl-styles
    bibtex-ruby (4.4.6)
      latex-decode (~> 0.0)
    builder (3.2.3)
    citeproc (1.0.9)
      namae (~> 1.0)
    citeproc-ruby (1.1.10)
      citeproc (~> 1.0, >= 1.0.9)
      csl (~> 1.5)
    concurrent-ruby (1.0.5)
    csl (1.5.0)
      namae (~> 1.0)
    csl-styles (1.0.1.8)
      csl (~> 1.0)
    descendants_tracker (0.0.4)
      thread_safe (~> 0.3, >= 0.3.1)
    execjs (2.7.0)
    faraday (0.12.2)
      multipart-post (>= 1.2, < 3)
    git (1.3.0)
    github_api (0.18.2)
      addressable (~> 2.4)
      descendants_tracker (~> 0.0.4)
      faraday (~> 0.8)
      hashie (~> 3.5, >= 3.5.2)
      oauth2 (~> 1.0)
    hashie (3.5.7)
    highline (1.7.10)
    i18n (0.9.5)
      concurrent-ruby (~> 1.0)
    juwelier (2.4.9)
      builder
      bundler
      git
      github_api
      highline
      kamelcase (~> 0)
      nokogiri
      psych
      rake
      rdoc
      semver2
    jwt (1.5.6)
    kamelcase (0.0.2)
      semver2 (~> 3)
    katex (0.4.3)
      execjs (~> 2.7)
    kramdown (2.1.0)
    kramdown-math-sskatex (1.0.0)
      kramdown (~> 2.0)
      sskatex (>= 0.9.37)
    latex-decode (0.3.1)
    libv8 (3.16.14.19)
    mini_portile2 (2.4.0)
    multi_json (1.13.1)
    multi_xml (0.6.0)
    multipart-post (2.0.0)
    namae (1.0.1)
    nokogiri (1.10.5)
      mini_portile2 (~> 2.4.0)
    oauth2 (1.4.0)
      faraday (>= 0.8, < 0.13)
      jwt (~> 1.0)
      multi_json (~> 1.3)
      multi_xml (~> 0.5)
      rack (>= 1.2, < 3)
    psych (3.0.2)
    public_suffix (3.0.2)
    rack (1.5.5)
    rake (12.3.0)
    rdoc (6.0.2)
    ref (2.0.0)
    semver2 (3.4.2)
    sskatex (0.9.39)
      execjs (~> 2.7)
    therubyracer (0.12.3)
      libv8 (~> 3.16.14.15)
      ref
    thread_safe (0.3.6)

PLATFORMS
  ruby

DEPENDENCIES
  bibmarkdown (~> 2.0.0)
  bibtex-ruby
  bundler (~> 1.0)
  citeproc-ruby (>= 1.1.6)
  csl-styles
  execjs
  i18n
  juwelier (~> 2.4.7)
  katex
  kramdown-math-sskatex
  latex-decode
  sskatex
  therubyracer

BUNDLED WITH
   1.16.2
